PATH
  remote: .
  specs:
    always_verify_ssl_certificates (0.2.1)

GEM
  remote: http://rubygems.org/
  specs:
    git (1.2.5)
    jeweler (1.6.0)
      bundler (~> 1.0.0)
      git (>= 1.2.5)
      rake
    rake (0.8.7)
    shoulda (2.11.3)

PLATFORMS
  ruby

DEPENDENCIES
  always_verify_ssl_certificates!
  jeweler
  rake
  shoulda
